GEM
  remote: https://rubygems.org/
  specs:
    chronic_duration (0.10.6)
      numerizer (~> 0.1.1)
    colorize (0.8.1)
    concurrent-ruby (1.0.5)
    concurrent-ruby-ext (1.0.5)
      concurrent-ruby (= 1.0.5)
    numerizer (0.1.1)
    puma (3.12.3)
    rack (2.0.6)
    roda (3.3.0)
      rack

PLATFORMS
  ruby

DEPENDENCIES
  chronic_duration
  colorize
  concurrent-ruby
  concurrent-ruby-ext
  puma
  roda

BUNDLED WITH
   1.16.0
